GEM
  remote: http://rubygems.org/
  specs:
    daemons (1.2.4)
    eventmachine (1.2.5)
    power_assert (0.4.1)
    rack (2.0.3)
    rack-test (0.7.0)
      rack (>= 1.0, < 3)
    test-unit (3.2.3)
      power_assert
    thin (1.7.2)
      daemons (~> 1.0, >= 1.0.9)
      eventmachine (~> 1.0, >= 1.0.4)
      rack (>= 1, < 3)

PLATFORMS
  ruby

DEPENDENCIES
  rack
  rack-test
  test-unit
  thin

RUBY VERSION
   ruby 2.4.2p198

BUNDLED WITH
   1.15.4
